GEM
  remote: https://rubygems.org/
  specs:
    actionmailer (2.3.18)
      actionpack (= 2.3.18)
    actionpack (2.3.18)
      activesupport (= 2.3.18)
      rack (~> 1.1.0)
    activerecord (2.3.18)
      activesupport (= 2.3.18)
    activeresource (2.3.18)
      activesupport (= 2.3.18)
    activesupport (2.3.18)
    acts-as-taggable-on (2.0.6)
    authlogic (2.1.6)
      activesupport
    babosa (0.2.0)
    calendar_date_select (1.16.4)
    crass (1.0.5)
    friendly_id (3.1.6)
      babosa (~> 0.2.0)
    hoe (3.15.1)
      rake (>= 0.8, < 12.0)
    mini_portile2 (2.4.0)
    minitest (1.7.2)
    mysql (2.9.1)
    nokogiri (1.10.7)
      mini_portile2 (~> 2.4.0)
    nokogumbo (1.5.0)
      nokogiri
    paperclip (2.3.3)
      activerecord
      activesupport
    pdfkit (0.5.0)
    rack (1.1.6)
    rails (2.3.18)
      actionmailer (= 2.3.18)
      actionpack (= 2.3.18)
      activerecord (= 2.3.18)
      activeresource (= 2.3.18)
      activesupport (= 2.3.18)
      rake (>= 0.8.3)
    rake (10.5.0)
    rdoc (2.4.2)
      hoe (>= 1.11.0)
      minitest (~> 1.3)
    recaptcha (0.3.1)
    rmagick (2.15.4)
    sanitize (4.6.3)
      crass (~> 1.0.2)
      nokogiri (>= 1.4.4)
      nokogumbo (~> 1.4)
    searchlogic (2.5.14)
      activerecord (~> 2.3.12)
      activesupport (~> 2.3.12)
    system_timer (1.0)
    will_paginate (2.3.16)

PLATFORMS
  ruby

DEPENDENCIES
  acts-as-taggable-on (= 2.0.6)
  authlogic (= 2.1.6)
  babosa (= 0.2.0)
  calendar_date_select (~> 1.15)
  friendly_id (= 3.1.6)
  mysql (~> 2.9.1)
  paperclip (= 2.3.3)
  pdfkit (= 0.5.0)
  rails (= 2.3.18)
  rake (~> 10.5.0)
  rdoc (= 2.4.2)
  recaptcha (= 0.3.1)
  rmagick (~> 2.15.4)
  sanitize (= 4.6.3)
  searchlogic (= 2.5.14)
  system_timer (= 1.0)
  will_paginate (= 2.3.16)

BUNDLED WITH
   1.16.1
